{
	"DewarPosition":"upright",
	"DigitizedHeadPoints":true,
	"DigitizedLandmarks":true,
	"Instructions":"see TaskDescription",
	"MEGChannelCount":306,
	"Manufacturer":"Neuromag/Elekta/Megin",
	"MiscChannelCount":6,
	"PowerLineFrequency":50,
	"RecordingDuration":1484,
	"SamplingFrequency":1000,
	"SoftwareFilters":{
		"SpatialCompensation":{
			"GradientOrder":0
		}
	},
	"TaskDescription":"The experimental paradigm consisted of repeated blocks, with each block being composed of three successive tasks: encoding, distractor, and retrieval task.  Encoding: participants were presented with a series of audiovisual speech movies and performed an audiovisual synchrony detection. Each trial started with a brief fixation cross (jittered duration, 1,000–1,500 ms) followed by the presentation of a random synchronous or asynchronous audiovisual speech movie (5 s). After the movie end, participants had to determine whether video and sound were presented in synchrony or asynchrony in the movie, by pressing the index finger (synchronous) or the middle finger (asynchronous) button of the response device as fast and accurate as possible. The next trial started after the participant’s response. After the encoding, the participants did a short distractor task. Each trial started with a brief fixation cross (jittered duration, 1,000–1,500 ms) followed by the presentation of a random number (from 1 to 99) displayed at the center of the screen. Distractor: Participants were instructed to determine as fast and accurate as possible whether this number was odd or even by pressing the index (odd) or the middle finger (even) button of the response device. Each distractor task contained 20 trials. The purpose of the distractor task was only to clear memory up. After the distractor task, the participants performed the retrieval task to assess their memory. Each trial started with a brief fixation cross (jittered duration, 1,000–1,500 ms) followed by the presentation of a static frame depicting the face of a speaker from a movie attended in the previous encoding. Retrieval: During this visual cueing (5 s), participants were instructed to recall as accurately as possible every auditory information previously associated with the speaker’s speech during the movie presentation. At the end of the visual cueing, participants were provided the possibility to listen two auditory speech stimuli: one stimulus corresponded to the speaker’s auditory speech from the same movie (i.e., matching). The other auditory stimulus was taken from another random movie with the same speaker gender (i.e., unmatching). Participants chose to listen each stimulus sequentially by pressing the index finger (Speech 1) or the middle finger (Speech 2) button of the response device. The order of displaying was free, but for every trial, participants were allowed to listen to each auditory stimulus only one time to avoid speech restudy. At the end of the second auditory stimulus, participants were instructed to determine as fast and accurate as possible which auditory speech stimulus corresponded to the speaker’s face frame, by pressing the index finger (Speech1) or the middle finger (Speech2) button of the response device. Thenext retrieval trial started after the participant’s response. After the last trial of the retrieval, participants took a short break, before starting a new block (encoding–distractor–retrieval).",
	"TaskName":"AVspeech",
	"TriggerChannelCount":8
}
